REDIRECTS: OFF
SPECIFIC-VERSION: FALSE
RESTRICTION: || (== net45) (== net462)
NUGET
  remote: https://api.nuget.org/v3/index.json
    ControlzEx (4.0.0-alpha0218)
      Microsoft.Xaml.Behaviors.Wpf (>= 1.0.1)
    Costura.Fody (3.1.6)
      Fody (>= 3.2.12) - restriction: || (&& (== net45) (>= net46)) (== net462)
    Fody (3.3)
    JetBrains.Annotations (2018.2.1) - copy_local: false
    MahApps.Metro (2.0.0-alpha0083)
      ControlzEx (>= 4.0.0-alpha0176 < 5.0.0-alpha)
    Microsoft.Xaml.Behaviors.Wpf (1.0.1)
    MSBuild.Sdk.Extras (1.6.55)
    Newtonsoft.Json (11.0.2)
    StyleCop.Analyzers (1.0.2)
    WpfAnalyzers (2.1.7.1)
  remote: https://ci.appveyor.com/nuget/xamlcolorschemegenerator
    XamlColorSchemeGenerator (3.0.0.31)
      Newtonsoft.Json (>= 10.1)

GROUP cake
RESTRICTION: == net45
NUGET
  remote: https://api.nuget.org/v3/index.json
    Cake (0.30)
    Cake.Figlet (1.2)
    Cake.Paket (4.0)
    Cake.Paket.Module (4.0)
    GitVersion.CommandLine (3.6.5)
    NUnit.Console (3.9)
      NUnit.ConsoleRunner (>= 3.9)
      NUnit.Extension.NUnitProjectLoader (>= 3.5)
      NUnit.Extension.NUnitV2Driver (>= 3.6)
      NUnit.Extension.NUnitV2ResultWriter (>= 3.5)
      NUnit.Extension.TeamCityEventListener (>= 1.0.3)
      NUnit.Extension.VSProjectLoader (>= 3.8)
    NUnit.ConsoleRunner (3.9)
    NUnit.Extension.NUnitProjectLoader (3.6)
    NUnit.Extension.NUnitV2Driver (3.7)
    NUnit.Extension.NUnitV2ResultWriter (3.6)
    NUnit.Extension.TeamCityEventListener (1.0.4)
    NUnit.Extension.VSProjectLoader (3.8)

GROUP test
REDIRECTS: OFF
SPECIFIC-VERSION: FALSE
RESTRICTION: || (== net45) (== net462)
NUGET
  remote: https://api.nuget.org/v3/index.json
    NUnit (3.10.1)
