REDIRECTS: OFF
SPECIFIC-VERSION: FALSE
RESTRICTION: || (== net45) (== net462) (== netcoreapp3.0)
NUGET
  remote: https://ci.appveyor.com/nuget/controlzex
    ControlzEx (4.0.0-alpha0213)
  remote: https://api.nuget.org/v3/index.json
<<<<<<< HEAD
    ControlzEx (4.0.0-alpha0218)
      Microsoft.Xaml.Behaviors.Wpf (>= 1.0.1)
=======
>>>>>>> NETCore3
    Costura.Fody (3.1.6)
      Fody (>= 3.2.12) - restriction: || (&& (== net45) (>= net46)) (== net462) (&& (== netcoreapp3.0) (>= net46))
    Fody (3.3.2)
    JetBrains.Annotations (2018.2.1) - copy_local: false
<<<<<<< HEAD
    MahApps.Metro (2.0.0-alpha0186)
      ControlzEx (>= 4.0.0-alpha0218)
    Microsoft.Xaml.Behaviors.Wpf (1.0.1)
    MSBuild.Sdk.Extras (1.6.55)
=======
    MahApps.Metro (2.0.0-alpha0121)
      ControlzEx (>= 4.0.0-alpha0210)
>>>>>>> NETCore3
    Newtonsoft.Json (11.0.2)
    StyleCop.Analyzers (1.0.2)
    WpfAnalyzers (2.2.0.2)
  remote: https://ci.appveyor.com/nuget/xamlcolorschemegenerator
    XamlColorSchemeGenerator (3.0.0.31)
      Newtonsoft.Json (>= 10.1)

GROUP cake
RESTRICTION: == net45
NUGET
  remote: https://api.nuget.org/v3/index.json
    Cake (0.30)
    Cake.Figlet (1.2)
    Cake.Paket (4.0)
    Cake.Paket.Module (4.0)
    GitVersion.CommandLine (4.0)
    NUnit.Console (3.9)
      NUnit.ConsoleRunner (>= 3.9)
      NUnit.Extension.NUnitProjectLoader (>= 3.5)
      NUnit.Extension.NUnitV2Driver (>= 3.6)
      NUnit.Extension.NUnitV2ResultWriter (>= 3.5)
      NUnit.Extension.TeamCityEventListener (>= 1.0.3)
      NUnit.Extension.VSProjectLoader (>= 3.8)
    NUnit.ConsoleRunner (3.9)
    NUnit.Extension.NUnitProjectLoader (3.6)
    NUnit.Extension.NUnitV2Driver (3.7)
    NUnit.Extension.NUnitV2ResultWriter (3.6)
    NUnit.Extension.TeamCityEventListener (1.0.5)
    NUnit.Extension.VSProjectLoader (3.8)

GROUP test
REDIRECTS: OFF
SPECIFIC-VERSION: FALSE
RESTRICTION: || (== net45) (== net462) (== netcoreapp3.0)
NUGET
  remote: https://api.nuget.org/v3/index.json
    Microsoft.NETCore.Platforms (2.1.2) - restriction: || (&& (== net45) (< net20) (>= netstandard2.0)) (&& (== net45) (>= netcoreapp2.0)) (&& (== net45) (< netstandard1.0) (>= netstandard2.0) (>= win8)) (&& (== net45) (>= netstandard2.0) (>= uap10.0)) (&& (== net45) (>= netstandard2.0) (>= uap10.1)) (&& (== net45) (>= netstandard2.0) (>= wp8)) (&& (== net45) (>= netstandard2.0) (>= wpa81)) (&& (== net462) (< net20) (>= netstandard2.0)) (&& (== net462) (>= netcoreapp2.0)) (&& (== net462) (< netstandard1.0) (>= netstandard2.0) (>= win8)) (&& (== net462) (< netstandard1.3) (>= netstandard2.0) (>= wpa81)) (&& (== net462) (< netstandard1.5) (>= netstandard2.0) (>= uap10.0)) (&& (== net462) (>= netstandard2.0) (>= uap10.1)) (&& (== net462) (>= netstandard2.0) (>= wp8)) (== netcoreapp3.0)
    NETStandard.Library (2.0.3) - restriction: || (&& (== net45) (< net20) (>= netstandard2.0)) (&& (== net462) (< net20) (>= netstandard2.0)) (== netcoreapp3.0)
      Microsoft.NETCore.Platforms (>= 1.1)
    NUnit (3.11)
      NETStandard.Library (>= 2.0) - restriction: || (&& (== net45) (< net20) (>= netstandard2.0)) (&& (== net462) (< net20) (>= netstandard2.0)) (== netcoreapp3.0)
